GEM
  remote: http://rubygems.org/
  specs:
    addressable (2.2.8)
    archive-tar-minitar (0.5.2)
    columnize (0.3.6)
    daemons (1.1.8)
    em-websocket (0.3.6)
      addressable (>= 2.1.1)
      eventmachine (>= 0.12.9)
    eventmachine (1.0.0.beta.4)
    haml (3.1.6)
    json (1.7.1)
    linecache19 (0.5.12)
      ruby_core_source (>= 0.1.4)
    rack (1.4.1)
    rack-protection (1.2.0)
      rack
    ruby-debug-base19 (0.11.25)
      columnize (>= 0.3.1)
      linecache19 (>= 0.5.11)
      ruby_core_source (>= 0.1.4)
    ruby-debug19 (0.11.6)
      columnize (>= 0.3.1)
      linecache19 (>= 0.5.11)
      ruby-debug-base19 (>= 0.11.19)
    ruby_core_source (0.1.5)
      archive-tar-minitar (>= 0.5.2)
    sinatra (1.3.2)
      rack (~> 1.3, >= 1.3.6)
      rack-protection (~> 1.2)
      tilt (~> 1.3, >= 1.3.3)
    thin (1.3.1)
      daemons (>= 1.0.9)
      eventmachine (>= 0.12.6)
      rack (>= 1.0.0)
    tilt (1.3.3)
    websocket-rack (0.4.0)
      em-websocket (~> 0.3.6)
      eventmachine (~> 1.0.0.beta.4)
      rack
      thin

PLATFORMS
  ruby

DEPENDENCIES
  eventmachine
  haml
  json
  ruby-debug19
  sinatra
  thin
  websocket-rack
